GEM
  remote: http://rubygems.org/
  specs:
    mime-types (1.18)
    nokogiri (1.5.2)
    rack (1.4.1)
    rack-protection (1.2.0)
      rack
    rack-superfeedr (0.0.5)
      nokogiri
      nokogiri
      rack
      rack
      typhoeus
      typhoeus
    sinatra (1.3.2)
      rack (~> 1.3, >= 1.3.6)
      rack-protection (~> 1.2)
      tilt (~> 1.3, >= 1.3.3)
    tilt (1.3.3)
    typhoeus (0.3.3)
      mime-types

PLATFORMS
  ruby

DEPENDENCIES
  rack-superfeedr
  sinatra
